PATH
  remote: .
  specs:
    nesta (0.18.0)
      RedCloth (~> 4.2)
      haml (>= 3.1, < 6.0)
      haml-contrib (>= 1.0)
      rack (~> 3)
      rake
      rdiscount (~> 2.1)
      sass-embedded (~> 1.58)
      sinatra (~> 4.0)
      tilt (~> 2.1)

GEM
  remote: https://rubygems.org/
  specs:
    RedCloth (4.3.4)
    addressable (2.8.7)
      public_suffix (>= 2.0.2, < 7.0)
    ansi (1.5.0)
    base64 (0.2.0)
    bigdecimal (3.1.8)
    builder (3.3.0)
    byebug (11.1.3)
    capybara (2.18.0)
      addressable
      mini_mime (>= 0.1.3)
      nokogiri (>= 1.3.3)
      rack (>= 1.0.0)
      rack-test (>= 0.5.4)
      xpath (>= 2.0, < 4.0)
    ffi (1.17.0)
    google-protobuf (4.28.3)
      bigdecimal
      rake (>= 13)
    haml (5.2.2)
      temple (>= 0.8.0)
      tilt
    haml-contrib (1.0.0.1)
      haml (>= 3.2.0.alpha.13)
    kgio (2.11.4)
    listen (1.3.1)
      rb-fsevent (>= 0.9.3)
      rb-inotify (>= 0.9)
      rb-kqueue (>= 0.2)
    logger (1.6.1)
    mini_mime (1.1.5)
    mini_portile2 (2.8.7)
    minitest (5.25.4)
    minitest-reporters (1.7.1)
      ansi
      builder
      minitest (>= 5.0)
      ruby-progressbar
    mr-sparkle (0.3.0)
      listen (~> 1.0)
      rb-fsevent (>= 0.9)
      rb-inotify (>= 0.8)
      unicorn (>= 4.5)
    mustermann (3.0.3)
      ruby2_keywords (~> 0.0.1)
    nokogiri (1.16.7)
      mini_portile2 (~> 2.8.2)
      racc (~> 1.4)
    public_suffix (6.0.1)
    racc (1.8.1)
    rack (3.1.12)
    rack-protection (4.1.0)
      base64 (>= 0.1.0)
      logger (>= 1.6.0)
      rack (>= 3.0.0, < 4)
    rack-session (2.0.0)
      rack (>= 3.0.0)
    rack-test (2.1.0)
      rack (>= 1.3)
    raindrops (0.20.1)
    rake (13.2.1)
    rb-fsevent (0.11.2)
    rb-inotify (0.11.1)
      ffi (~> 1.0)
    rb-kqueue (0.2.8)
      ffi (>= 0.5.0)
    rdiscount (2.2.7.3)
    ruby-progressbar (1.13.0)
    ruby2_keywords (0.0.5)
    sass-embedded (1.80.6)
      google-protobuf (~> 4.28)
      rake (>= 13)
    sinatra (4.1.0)
      logger (>= 1.6.0)
      mustermann (~> 3.0)
      rack (>= 3.0.0, < 4)
      rack-protection (= 4.1.0)
      rack-session (>= 2.0.0, < 3)
      tilt (~> 2.0)
    temple (0.10.3)
    tilt (2.4.0)
    unicorn (6.1.0)
      kgio (~> 2.6)
      raindrops (~> 0.7)
    xpath (3.2.0)
      nokogiri (~> 1.8)

PLATFORMS
  ruby

DEPENDENCIES
  byebug
  capybara (~> 2.0)
  minitest (~> 5.0)
  minitest-reporters
  mr-sparkle
  nesta!

BUNDLED WITH
   2.4.6
