PATH
  remote: .
  specs:
    nesta (0.11.1)
      RedCloth (~> 4.2)
      haml (>= 3.1)
      haml-contrib (>= 1.0)
      rack (>= 1.3)
      rdiscount (~> 2.1)
      sassc (>= 2.2)
      sinatra (~> 1.4)
      tilt (~> 2.0)

GEM
  remote: https://rubygems.org/
  specs:
    RedCloth (4.3.2)
    ansi (1.5.0)
    builder (3.2.2)
    byebug (9.0.5)
    capybara (2.5.0)
      mime-types (>= 1.16)
      nokogiri (>= 1.3.3)
      rack (>= 1.0.0)
      rack-test (>= 0.5.4)
      xpath (~> 2.0)
    ffi (1.12.2)
    haml (5.1.2)
      temple (>= 0.8.0)
      tilt
    haml-contrib (1.0.0.1)
      haml (>= 3.2.0.alpha.13)
    kgio (2.9.3)
    listen (1.3.1)
      rb-fsevent (>= 0.9.3)
      rb-inotify (>= 0.9)
      rb-kqueue (>= 0.2)
    mime-types (2.6.2)
    mini_portile2 (2.3.0)
    minitest (5.9.0)
    minitest-reporters (1.1.10)
      ansi
      builder
      minitest (>= 5.0)
      ruby-progressbar
    mr-sparkle (0.3.0)
      listen (~> 1.0)
      rb-fsevent (>= 0.9)
      rb-inotify (>= 0.8)
      unicorn (>= 4.5)
    nokogiri (1.8.4)
      mini_portile2 (~> 2.3.0)
    rack (1.6.8)
    rack-protection (1.5.5)
      rack
    rack-test (0.6.1)
      rack (>= 1.0)
    raindrops (0.13.0)
    rake (10.4.2)
    rb-fsevent (0.9.4)
    rb-inotify (0.9.5)
      ffi (>= 0.5.0)
    rb-kqueue (0.2.3)
      ffi (>= 0.5.0)
    rdiscount (2.2.0.1)
    ruby-progressbar (1.8.1)
    sassc (2.2.1)
      ffi (~> 1.9)
    sinatra (1.4.8)
      rack (~> 1.5)
      rack-protection (~> 1.4)
      tilt (>= 1.3, < 3)
    temple (0.8.2)
    tilt (2.0.10)
    unicorn (4.8.3)
      kgio (~> 2.6)
      rack
      raindrops (~> 0.7)
    xpath (2.0.0)
      nokogiri (~> 1.3)

PLATFORMS
  ruby

DEPENDENCIES
  byebug
  capybara (~> 2.5.0)
  minitest (~> 5.9.0)
  minitest-reporters
  mr-sparkle (>= 0.0.2)
  nesta!
  rake

BUNDLED WITH
   1.16.0
