PATH
  remote: .
  specs:
    nesta (0.9.13)
      haml (~> 3.1)
      rack (~> 1.3)
      sass (~> 3.1)
      sinatra (~> 1.3)

GEM
  remote: http://rubygems.org/
  specs:
    ZenTest (4.6.2)
    addressable (2.2.7)
    diff-lcs (1.1.3)
    em-websocket (0.3.6)
      addressable (>= 2.1.1)
      eventmachine (>= 0.12.9)
    eventmachine (0.12.10)
    ffi (1.0.11)
    guard (1.0.0)
      ffi (>= 0.5.0)
      thor (~> 0.14.6)
    guard-ctags-bundler (0.0.5)
      guard (>= 0.4.0)
    guard-livereload (0.4.2)
      em-websocket (>= 0.2.0)
      guard (>= 0.10.0)
      multi_json (~> 1.0)
    haml (3.1.8)
    hoe (2.15.0)
      rake (~> 0.8)
    kgio (2.8.0)
    listen (0.6.0)
    mr-sparkle (0.0.2)
      listen (~> 0.6.0)
      rb-fsevent (~> 0.9.2)
      rb-inotify (~> 0.8.8)
      unicorn (~> 4.5.0)
    multi_json (1.1.0)
    nokogiri (1.5.5)
    rack (1.4.1)
    rack-protection (1.3.2)
      rack
    rack-test (0.6.1)
      rack (>= 1.0)
    raindrops (0.10.0)
    rake (0.9.2.2)
    rb-fsevent (0.9.3)
    rb-inotify (0.8.8)
      ffi (>= 0.5.0)
    rb-readline (0.4.2)
    rspec (2.12.0)
      rspec-core (~> 2.12.0)
      rspec-expectations (~> 2.12.0)
      rspec-mocks (~> 2.12.0)
    rspec-core (2.12.2)
    rspec-expectations (2.12.0)
      diff-lcs (~> 1.1.3)
    rspec-mocks (2.12.0)
    sass (3.2.5)
    sinatra (1.3.4)
      rack (~> 1.4)
      rack-protection (~> 1.3)
      tilt (~> 1.3, >= 1.3.3)
    test-unit (1.2.3)
      hoe (>= 1.5.1)
    thor (0.14.6)
    tilt (1.3.3)
    unicorn (4.5.0)
      kgio (~> 2.6)
      rack
      raindrops (~> 0.7)
    webrat (0.7.3)
      nokogiri (>= 1.2.0)
      rack (>= 1.0)
      rack-test (>= 0.5.3)

PLATFORMS
  ruby

DEPENDENCIES
  ZenTest
  guard-ctags-bundler
  guard-livereload
  mr-sparkle (>= 0.0.2)
  nesta!
  rack-test (= 0.6.1)
  rb-readline
  rspec (~> 2.12.0)
  test-unit (= 1.2.3)
  webrat (~> 0.7.3)
