PATH
  remote: .
  specs:
    nesta (0.9.9)
      RedCloth (~> 4.2)
      haml (~> 3.1)
      redcarpet (~> 1.17.2)
      sass (~> 3.1)
      shotgun (>= 0.8)
      sinatra (= 1.1.2)

GEM
  remote: http://rubygems.org/
  specs:
    RedCloth (4.2.8)
    haml (3.1.2)
    hoe (2.12.2)
      rake (~> 0.8)
    hpricot (0.8.3)
    rack (1.3.2)
    rack-test (0.5.7)
      rack (>= 1.0)
    rake (0.9.2)
    redcarpet (1.17.2)
    rspec (1.3.0)
    rspec_hpricot_matchers (1.0)
    sass (3.1.7)
    shotgun (0.9)
      rack (>= 1.0)
    sinatra (1.1.2)
      rack (~> 1.1)
      tilt (~> 1.2)
    test-unit (1.2.3)
      hoe (>= 1.5.1)
    tilt (1.3.3)

PLATFORMS
  ruby

DEPENDENCIES
  hpricot (= 0.8.3)
  nesta!
  rack-test (= 0.5.7)
  rspec (= 1.3.0)
  rspec_hpricot_matchers (= 1.0)
  test-unit (= 1.2.3)
