PATH
  remote: .
  specs:
    nesta (0.9.4)
      RedCloth (~> 4.2)
      haml (~> 3.0)
      redcarpet (>= 1.9.0)
      shotgun (>= 0.8)
      sinatra (= 1.1.2)

GEM
  remote: http://rubygems.org/
  specs:
    RedCloth (4.2.7)
    haml (3.0.25)
    hoe (2.6.2)
      rake (>= 0.8.7)
      rubyforge (>= 2.0.4)
    hpricot (0.8.3)
    json_pure (1.4.6)
    rack (1.2.1)
    rack-test (0.5.7)
      rack (>= 1.0)
    rake (0.8.7)
    redcarpet (1.9.0)
    rspec (1.3.0)
    rspec_hpricot_matchers (1.0)
    rubyforge (2.0.4)
      json_pure (>= 1.1.7)
    shotgun (0.9)
      rack (>= 1.0)
    sinatra (1.1.2)
      rack (~> 1.1)
      tilt (~> 1.2)
    test-unit (1.2.3)
      hoe (>= 1.5.1)
    tilt (1.2.2)

PLATFORMS
  ruby

DEPENDENCIES
  hpricot (= 0.8.3)
  nesta!
  rack-test (= 0.5.7)
  rspec (= 1.3.0)
  rspec_hpricot_matchers (= 1.0)
  test-unit (= 1.2.3)
